GEM
  remote: https://rubygems.org/
  specs:
    activesupport (5.2.4.4)
      concurrent-ruby (~> 1.0, >= 1.0.2)
      i18n (>= 0.7, < 2)
      minitest (~> 5.1)
      tzinfo (~> 1.1)
    amq-protocol (2.3.2)
    bunny (2.17.0)
      amq-protocol (~> 2.3, >= 2.3.1)
    carrot-top (0.0.7)
      json
    concurrent-ruby (1.1.7)
    hutch (0.24.0)
      activesupport (>= 4.2, < 6)
      bunny (>= 2.6.3)
      carrot-top (~> 0.0.7)
      multi_json (~> 1.12)
    i18n (1.8.5)
      concurrent-ruby (~> 1.0)
    json (2.4.1)
    minitest (5.14.2)
    multi_json (1.15.0)
    thread_safe (0.3.6)
    tzinfo (1.2.9)
      thread_safe (~> 0.1)

PLATFORMS
  ruby

DEPENDENCIES
  bunny (>= 2.17.0)
  hutch

BUNDLED WITH
   2.1.2
